PATH
  remote: .
  specs:
    battlenet_authenticator (0.0.1)

GEM
  remote: https://rubygems.org/
  specs:
    rake (0.9.6)

PLATFORMS
  ruby

DEPENDENCIES
  battlenet_authenticator!
  rake (~> 0)
